GEM
  remote: http://rubygems.org/
  specs:
    chingu (0.8.1)
      crack
      gosu (>= 0.7.25)
      rest-client
    crack (0.3.2)
    gosu (0.7.47.1)
    mime-types (1.23)
    rest-client (1.6.7)
      mime-types (>= 1.16)
    texplay (0.4.3)
      gosu (>= 0.7.25)

PLATFORMS
  ruby

DEPENDENCIES
  chingu
  texplay
